GEM
  remote: https://rubygems.org/
  specs:
    amygdala (0.1.1)
      sinatra (~> 3.0)
    daemons (1.4.1)
    eventmachine (1.2.7)
    mustermann (3.0.0)
      ruby2_keywords (~> 0.0.1)
    rack (2.2.4)
    rack-protection (3.0.4)
      rack
    ruby2_keywords (0.0.5)
    sinatra (3.0.4)
      mustermann (~> 3.0)
      rack (~> 2.2, >= 2.2.4)
      rack-protection (= 3.0.4)
      tilt (~> 2.0)
    thin (1.8.1)
      daemons (~> 1.0, >= 1.0.9)
      eventmachine (~> 1.0, >= 1.0.4)
      rack (>= 1, < 3)
    tilt (2.0.11)

PLATFORMS
  ruby

DEPENDENCIES
  amygdala
  rack (~> 2.2)
  thin (~> 1.8)

BUNDLED WITH
   2.3.26
